GEM
  remote: https://rubygems.org/
  specs:
    gnuplot (2.6.2)

PLATFORMS
  ruby

DEPENDENCIES
  gnuplot (= 2.6.2)

BUNDLED WITH
   1.14.3
